GIT
  remote: git@github.com:qwtel/hydejack.git
  revision: 39529d6554b40923a9356e520443120e192bfa0c
  branch: gem
  specs:
    jekyll-theme-hydejack (7.0.0)
      jekyll (~> 3.6)

GIT
  remote: git@github.com:qwtel/jekyll-relative-links.git
  revision: 38acc327092f0a77885550aca9b539da014cfbf0
  branch: fix
  specs:
    jekyll-relative-links (0.5.0)
      jekyll (~> 3.3)

GEM
  remote: https://rubygems.org/
  specs:
    addressable (2.5.2)
      public_suffix (>= 2.0.2, < 4.0)
    colorator (1.1.0)
    ffi (1.9.18)
    forwardable-extended (2.6.0)
    jekyll (3.6.0)
      addressable (~> 2.4)
      colorator (~> 1.0)
      jekyll-sass-converter (~> 1.0)
      jekyll-watch (~> 1.1)
      kramdown (~> 1.14)
      liquid (~> 4.0)
      mercenary (~> 0.3.3)
      pathutil (~> 0.9)
      rouge (>= 1.7, < 3)
      safe_yaml (~> 1.0)
    jekyll-default-layout (0.1.4)
      jekyll (~> 3.0)
    jekyll-feed (0.9.2)
      jekyll (~> 3.3)
    jekyll-optional-front-matter (0.3.0)
      jekyll (~> 3.0)
    jekyll-readme-index (0.2.0)
      jekyll (~> 3.0)
    jekyll-sass-converter (1.5.0)
      sass (~> 3.4)
    jekyll-seo-tag (2.3.0)
      jekyll (~> 3.3)
    jekyll-titles-from-headings (0.5.0)
      jekyll (~> 3.3)
    jekyll-watch (1.5.0)
      listen (~> 3.0, < 3.1)
    kramdown (1.15.0)
    liquid (4.0.0)
    listen (3.0.8)
      rb-fsevent (~> 0.9, >= 0.9.4)
      rb-inotify (~> 0.9, >= 0.9.7)
    mercenary (0.3.6)
    pathutil (0.16.0)
      forwardable-extended (~> 2.6)
    public_suffix (3.0.0)
    rb-fsevent (0.10.2)
    rb-inotify (0.9.10)
      ffi (>= 0.5.0, < 2)
    rouge (2.2.1)
    safe_yaml (1.0.4)
    sass (3.5.2)
      sass-listen (~> 4.0.0)
    sass-listen (4.0.0)
      rb-fsevent (~> 0.9, >= 0.9.4)
      rb-inotify (~> 0.9, >= 0.9.7)

PLATFORMS
  ruby

DEPENDENCIES
  jekyll-default-layout
  jekyll-feed
  jekyll-optional-front-matter
  jekyll-readme-index
  jekyll-relative-links!
  jekyll-seo-tag
  jekyll-theme-hydejack!
  jekyll-titles-from-headings
  tzinfo-data

RUBY VERSION
   ruby 2.3.3p222

BUNDLED WITH
   1.15.4
